GEM
  remote: https://rubygems.org/
  specs:
    ltsv (0.1.0)

PLATFORMS
  ruby

DEPENDENCIES
  ltsv

BUNDLED WITH
   1.10.6
